NUGET
  remote: https://www.nuget.org/api/v2
    FAKE (4.61.3)
    Yarnpkg.Yarn (0.19.1.2)
